PATH
  remote: ../../
  specs:
    que-web (0.3.1)
      erubis
      que (~> 0.8)
      sinatra

GEM
  remote: https://rubygems.org/
  specs:
    erubis (2.7.0)
    pg (0.17.1)
    que (0.8.2)
    rack (1.5.2)
    rack-protection (1.5.3)
      rack
    sequel (4.16.0)
    sinatra (1.4.5)
      rack (~> 1.4)
      rack-protection (~> 1.4)
      tilt (~> 1.3, >= 1.3.4)
    tilt (1.4.1)

PLATFORMS
  ruby

DEPENDENCIES
  pg
  que-web!
  sequel
