PATH
  remote: ../../
  specs:
    que-web (0.3.2)
      erubis
      que (~> 0.8)
      sinatra

GEM
  remote: https://rubygems.org/
  specs:
    erubis (2.7.0)
    pg (0.18.1)
    que (0.9.1)
    rack (1.6.0)
    rack-protection (1.5.3)
      rack
    sequel (4.19.0)
    sinatra (1.4.5)
      rack (~> 1.4)
      rack-protection (~> 1.4)
      tilt (~> 1.3, >= 1.3.4)
    tilt (1.4.1)

PLATFORMS
  ruby

DEPENDENCIES
  pg
  que-web!
  sequel
