PATH
  remote: ../..
  specs:
    que-web (0.7.0)
      erubis
      que (~> 0.8)
      sinatra

GEM
  remote: https://rubygems.org/
  specs:
    erubis (2.7.0)
    mustermann (1.0.1)
    pg (1.0.0)
    que (0.14.2)
    rack (2.0.4)
    rack-protection (2.0.0)
      rack
    sequel (5.5.0)
    sinatra (2.0.0)
      mustermann (~> 1.0)
      rack (~> 2.0)
      rack-protection (= 2.0.0)
      tilt (~> 2.0)
    tilt (2.0.8)

PLATFORMS
  ruby

DEPENDENCIES
  pg
  que-web!
  sequel

BUNDLED WITH
   1.15.3
